PATH
  remote: .
  specs:
    spoof (2.0.0)

GEM
  remote: https://rubygems.org/
  specs:
    coveralls (0.7.2)
      multi_json (~> 1.3)
      rest-client (= 1.6.7)
      simplecov (>= 0.7)
      term-ansicolor (= 1.2.2)
      thor (= 0.18.1)
    docile (1.1.5)
    mime-types (2.4.3)
    multi_json (1.10.1)
    os (0.9.6)
    pry-test (0.5.4)
      os
    rake (10.3.2)
    rest-client (1.6.7)
      mime-types (>= 1.16)
    simplecov (0.9.1)
      docile (~> 1.1.0)
      multi_json (~> 1.0)
      simplecov-html (~> 0.8.0)
    simplecov-html (0.8.0)
    term-ansicolor (1.2.2)
      tins (~> 0.8)
    thor (0.18.1)
    tins (0.13.2)

PLATFORMS
  ruby

DEPENDENCIES
  coveralls
  pry-test
  rake
  spoof!
